GEM
  remote: http://rubygems.org/
  specs:
    activesupport (6.1.7.6)
      concurrent-ruby (~> 1.0, >= 1.0.2)
      i18n (>= 1.6, < 2)
      minitest (>= 5.1)
      tzinfo (~> 2.0)
      zeitwerk (~> 2.3)
    concurrent-ruby (1.2.2)
    dotenv (2.8.1)
    graphql (2.0.27)
    graphql-client (0.18.0)
      activesupport (>= 3.0)
      graphql
    i18n (1.14.1)
      concurrent-ruby (~> 1.0)
    minitest (5.20.0)
    tzinfo (2.0.6)
      concurrent-ruby (~> 1.0)
    zeitwerk (2.6.12)

PLATFORMS
  ruby

DEPENDENCIES
  dotenv
  graphql (>= 2.0.27, < 2.1)
  graphql-client

BUNDLED WITH
   1.17.2
